{
	"Modality": "MR",
	"MagneticFieldStrength": 3,
	"Manufacturer": "Siemens",
	"ManufacturersModelName": "Prisma_fit",
	"InstitutionName": "MPI_Leipzig",
	"InstitutionalDepartmentName": "Department",
	"InstitutionAddress": "Stephanstrasse_1A_Leipzig_District_DE_04103",
	"DeviceSerialNumber": "67037",
	"StationName": "TRIOSYS",
	"BodyPartExamined": "BRAIN",
	"PatientPosition": "HFS",
	"ProcedureStepDescription": "MPIL_Prisma_Studies",
	"SoftwareVersions": "syngo_MR_E11",
	"MRAcquisitionType": "3D",
	"SeriesDescription": "b0_map",
	"ProtocolName": "cbsfl_E11r3_1x1x2.2_sag_32sl_12echoes",
	"ScanningSequence": "RM",
	"SequenceVariant": "SP_OSP",
	"ScanOptions": "FS",
	"SequenceName": "cbsfl3d12",
	"ImageType": ["ORIGINAL", "PRIMARY", "M", "ND", "B0", "MAP"],
	"SeriesNumber": 9,
	"AcquisitionTime": "08:52:55.887500",
	"AcquisitionNumber": 1,
	"ImageComments": "0.0977_-200.0000",
	"SliceThickness": 2.2,
	"SAR": 0.0827113,
	"EchoTime": 0.0028,
	"RepetitionTime": 0.032,
	"FlipAngle": 15,
	"PartialFourier": 1,
	"BaseResolution": 180,
	"ShimSetting": [
		-5347,
		-9374,
		-4803,
		-1275,
		-116,
		1397,
		346,
		-112	],
	"TxRefAmp": 262.61,
	"PhaseResolution": 1,
	"ReceiveCoilName": "Spine_32",
	"ReceiveCoilActiveElements": "HC5-7;NC1,2;SP1",
	"PulseSequenceDetails": "%CustomerSeq%_cbsfl_E11r3",
	"ConsistencyInfo": "N4_VE11C_LATEST_20160120",
	"PercentPhaseFOV": 100,
	"PhaseEncodingSteps": 184,
	"AcquisitionMatrixPE": 180,
	"ReconMatrixPE": 180,
	"ParallelReductionFactorInPlane": 2,
	"PixelBandwidth": 1030,
	"DwellTime": 2.7e-06,
	"ImageOrientationPatientDICOM": [
		0,
		0.999194,
		0.0401318,
		0,
		0.0401318,
		-0.999194	],
	"InPlanePhaseEncodingDirectionDICOM": "ROW",
	"ConversionSoftware": "dcm2niix",
	"ConversionSoftwareVersion": "v1.0.20180622 (JP2:OpenJPEG) (JP-LS:CharLS) GCC5.5.0"
}
