{
	"Modality": "MR",
	"MagneticFieldStrength": 3,
	"Manufacturer": "Siemens",
	"ManufacturersModelName": "Prisma_fit",
	"InstitutionName": "MPI_Leipzig",
	"InstitutionalDepartmentName": "Department",
	"InstitutionAddress": "Stephanstrasse_1A_Leipzig_District_DE_04103",
	"DeviceSerialNumber": "67037",
	"StationName": "TRIOSYS",
	"BodyPartExamined": "CSPINE",
	"PatientPosition": "HFS",
	"ProcedureStepDescription": "MPIL_Prisma_Studies",
	"SoftwareVersions": "syngo_MR_E11",
	"MRAcquisitionType": "2D",
	"SeriesDescription": "gre_field_mapping_1x1x2.2_32sl_sag",
	"ProtocolName": "gre_field_mapping_1x1x2.2_32sl_sag",
	"ScanningSequence": "GR",
	"SequenceVariant": "SP_OSP",
	"SequenceName": "_fm2d2r",
	"ImageType": ["ORIGINAL", "PRIMARY", "M", "ND"],
	"SeriesNumber": 5,
	"AcquisitionTime": "08:36:39.010000",
	"AcquisitionNumber": 1,
	"SliceThickness": 2.2,
	"SpacingBetweenSlices": 2.2,
	"SAR": 0.151628,
	"EchoTime": 0.004,
	"RepetitionTime": 0.5,
	"FlipAngle": 50,
	"PartialFourier": 1,
	"BaseResolution": 180,
	"ShimSetting": [
		-5327,
		-9252,
		-5006,
		-1059,
		140,
		2178,
		911,
		23	],
	"TxRefAmp": 276.26,
	"PhaseResolution": 1,
	"PhaseOversampling": 0.5,
	"ReceiveCoilName": "Spine_32",
	"ReceiveCoilActiveElements": "HC5-7;NC1,2;SP1",
	"PulseSequenceDetails": "%SiemensSeq%_gre_field_mapping",
	"ConsistencyInfo": "N4_VE11C_LATEST_20160120",
	"PercentPhaseFOV": 100,
	"PhaseEncodingSteps": 270,
	"AcquisitionMatrixPE": 180,
	"ReconMatrixPE": 180,
	"PixelBandwidth": 630,
	"DwellTime": 4.4e-06,
	"PhaseEncodingDirection": "i",
	"ImageOrientationPatientDICOM": [
		0,
		0.995725,
		0.0923706,
		0,
		0.0923706,
		-0.995725	],
	"InPlanePhaseEncodingDirectionDICOM": "ROW",
	"ConversionSoftware": "dcm2niix",
	"ConversionSoftwareVersion": "v1.0.20180622 GCC7.4.0"
}
