{
	"Modality": "MR",
	"MagneticFieldStrength": 3,
	"Manufacturer": "Siemens",
	"ManufacturersModelName": "Prisma_fit",
	"InstitutionName": "MPI_CBS",
	"InstitutionalDepartmentName": "Department",
	"InstitutionAddress": "Stephanstrasse_1A_Leipzig_District_DE_04103",
	"DeviceSerialNumber": "67037",
	"StationName": "TRIOSYS",
	"BodyPartExamined": "CSPINE",
	"PatientPosition": "HFS",
	"ProcedureStepDescription": "MPIL_Prisma_Studies",
	"SoftwareVersions": "syngo_MR_E11",
	"MRAcquisitionType": "3D",
	"SeriesDescription": "cbsfl_E11r3_1x1x2.2_sag_32sl_12echoes",
	"ProtocolName": "cbsfl_E11r3_1x1x2.2_sag_32sl_12echoes",
	"ScanningSequence": "RM",
	"SequenceVariant": "SP_OSP",
	"ScanOptions": "FS",
	"SequenceName": "cbsfl3d12",
	"ImageType": ["ORIGINAL", "PRIMARY", "M", "ND"],
	"SeriesNumber": 7,
	"AcquisitionTime": "10:51:8.267500",
	"AcquisitionNumber": 1,
	"SliceThickness": 2.2,
	"SAR": 0.0960109,
	"EchoTime": 0.0028,
	"RepetitionTime": 0.032,
	"FlipAngle": 15,
	"PartialFourier": 1,
	"BaseResolution": 180,
	"ShimSetting": [
		-5335,
		-9198,
		-5078,
		-675,
		218,
		1680,
		258,
		78	],
	"TxRefAmp": 316.085,
	"PhaseResolution": 1,
	"ReceiveCoilName": "HeadNeck_64",
	"ReceiveCoilActiveElements": "HC5-7;NC1,2;SP1",
	"PulseSequenceDetails": "%CustomerSeq%_cbsfl_E11r3",
	"ConsistencyInfo": "N4_VE11C_LATEST_20160120",
	"PercentPhaseFOV": 100,
	"PhaseEncodingSteps": 184,
	"AcquisitionMatrixPE": 180,
	"ReconMatrixPE": 180,
	"ParallelReductionFactorInPlane": 2,
	"PixelBandwidth": 1030,
	"DwellTime": 2.7e-06,
	"ImageOrientationPatientDICOM": [
		0,
		0.987136,
		0.159881,
		0,
		0.159881,
		-0.987136	],
	"InPlanePhaseEncodingDirectionDICOM": "ROW",
	"ConversionSoftware": "dcm2niix",
	"ConversionSoftwareVersion": "v1.0.20180622 GCC7.4.0"
}
