{
	"Modality": "MR",
	"MagneticFieldStrength": 3,
	"Manufacturer": "Siemens",
	"ManufacturersModelName": "Prisma_fit",
	"InstitutionName": "MPI_CBS",
	"InstitutionalDepartmentName": "Department",
	"InstitutionAddress": "Stephanstrasse_1A_Leipzig_District_DE_04103",
	"DeviceSerialNumber": "67037",
	"StationName": "TRIOSYS",
	"BodyPartExamined": "CSPINE",
	"PatientPosition": "HFS",
	"ProcedureStepDescription": "MPIL_Prisma_Studies",
	"SoftwareVersions": "syngo_MR_E11",
	"MRAcquisitionType": "3D",
	"SeriesDescription": "cbsfl_E11r3_1x1x2.2_sag_32sl_12echoes",
	"ProtocolName": "cbsfl_E11r3_1x1x2.2_sag_32sl_12echoes",
	"ScanningSequence": "RM",
	"SequenceVariant": "SP_OSP",
	"ScanOptions": "FS",
	"SequenceName": "cbsfl3d12",
	"ImageType": ["ORIGINAL", "PRIMARY", "M", "ND"],
	"SeriesNumber": 32,
	"AcquisitionTime": "11:52:47.522500",
	"AcquisitionNumber": 1,
	"SliceThickness": 2.2,
	"SAR": 0.075875,
	"EchoTime": 0.0028,
	"RepetitionTime": 0.032,
	"FlipAngle": 15,
	"PartialFourier": 1,
	"BaseResolution": 180,
	"ShimSetting": [
		-5169,
		-9084,
		-5268,
		-879,
		403,
		2869,
		84,
		-57	],
	"TxRefAmp": 254.47,
	"PhaseResolution": 1,
	"ReceiveCoilName": "HeadNeck_64",
	"ReceiveCoilActiveElements": "HC5-7;NC1,2;SP1",
	"PulseSequenceDetails": "%CustomerSeq%_cbsfl_E11r3",
	"ConsistencyInfo": "N4_VE11C_LATEST_20160120",
	"PercentPhaseFOV": 100,
	"PhaseEncodingSteps": 184,
	"AcquisitionMatrixPE": 180,
	"ReconMatrixPE": 180,
	"ParallelReductionFactorInPlane": 2,
	"PixelBandwidth": 1030,
	"DwellTime": 2.7e-06,
	"ImageOrientationPatientDICOM": [
		0,
		0.979223,
		0.202787,
		0,
		0.202787,
		-0.979223	],
	"InPlanePhaseEncodingDirectionDICOM": "ROW",
	"ConversionSoftware": "dcm2niix",
	"ConversionSoftwareVersion": "v1.0.20180622 GCC7.4.0"
}
