{
	"Modality": "MR",
	"MagneticFieldStrength": 3,
	"Manufacturer": "Siemens",
	"ManufacturersModelName": "Prisma_fit",
	"InstitutionName": "MPI_Leipzig",
	"InstitutionalDepartmentName": "Department",
	"InstitutionAddress": "Stephanstrasse_1A_Leipzig_District_DE_04103",
	"DeviceSerialNumber": "67037",
	"StationName": "TRIOSYS",
	"BodyPartExamined": "HEADNECK",
	"PatientPosition": "HFS",
	"ProcedureStepDescription": "MPIL_Prisma_Studies",
	"SoftwareVersions": "syngo_MR_E11",
	"MRAcquisitionType": "2D",
	"SeriesDescription": "ninEPI_bold_v12A_ZShimRef",
	"ProtocolName": "ninEPI_bold_v12A_ZShimRef",
	"ScanningSequence": "EP",
	"SequenceVariant": "SK",
	"ScanOptions": "PFP_SAT2_FS",
	"SequenceName": "nEPfid2d1_128",
	"ImageType": ["ORIGINAL", "PRIMARY", "M", "ND", "NORM", "MOSAIC"],
	"SeriesNumber": 30,
	"AcquisitionTime": "09:53:41.842500",
	"AcquisitionNumber": 1,
	"SliceThickness": 5,
	"SpacingBetweenSlices": 5,
	"SAR": 0.236792,
	"EchoTime": 0.04,
	"RepetitionTime": 2.312,
	"FlipAngle": 84,
	"PartialFourier": 0.875,
	"BaseResolution": 128,
	"ShimSetting": [
		-5313,
		-9335,
		-4961,
		-590,
		-77,
		1901,
		713,
		196	],
	"TxRefAmp": 260.42,
	"PhaseResolution": 1,
	"ReceiveCoilName": "HeadNeck_64",
	"ReceiveCoilActiveElements": "HC5-7;NC1,2;SP1",
	"PulseSequenceDetails": "%CustomerSeq%_ninEPI_bold_v12A_zs",
	"ConsistencyInfo": "N4_VE11C_LATEST_20160120",
	"PercentPhaseFOV": 100,
	"PhaseEncodingSteps": 111,
	"AcquisitionMatrixPE": 128,
	"ReconMatrixPE": 128,
	"BandwidthPerPixelPhaseEncode": 16.801,
	"ParallelReductionFactorInPlane": 2,
	"EffectiveEchoSpacing": 0.000465002,
	"DerivedVendorReportedEchoSpacing": 0.000930004,
	"TotalReadoutTime": 0.0590553,
	"PixelBandwidth": 1220,
	"DwellTime": 3.2e-06,
	"PhaseEncodingDirection": "j-",
	"SliceTiming": [
		2.2175,
		2.12,
		2.0225,
		1.9275,
		1.83,
		1.735,
		1.6375,
		1.5425,
		1.445,
		1.35,
		1.2525,
		1.1575,
		1.06,
		0.965,
		0.8675,
		0.7725,
		0.675,
		0.5775,
		0.4825,
		0.385,
		0.29,
		0.1925,
		0.0975,
		0	],
	"ImageOrientationPatientDICOM": [
		1,
		0,
		0,
		0,
		0.994338,
		0.106264	],
	"InPlanePhaseEncodingDirectionDICOM": "COL",
	"ConversionSoftware": "dcm2niix",
	"ConversionSoftwareVersion": "v1.0.20180622 GCC7.4.0"
}
